GEM
  remote: https://rubygems.org/
  specs:
    backports (3.8.0)
    bson (4.2.2)
    codecov (0.1.10)
      json
      simplecov
      url
    docile (1.1.5)
    foreman (0.84.0)
      thor (~> 0.19.1)
    json (2.1.0)
    mongo (2.4.2)
      bson (>= 4.2.1, < 5.0.0)
    multi_json (1.12.1)
    mustermann (1.0.0)
    power_assert (1.0.2)
    puma (3.4.0)
    rack (2.0.3)
    rack-protection (2.0.0)
      rack
    rack-test (0.6.3)
      rack (>= 1.0)
    rake (12.0.0)
    simplecov (0.14.1)
      docile (~> 1.1.0)
      json (>= 1.8, < 3)
      simplecov-html (~> 0.10.0)
    simplecov-html (0.10.1)
    sinatra (2.0.0)
      mustermann (~> 1.0)
      rack (~> 2.0)
      rack-protection (= 2.0.0)
      tilt (~> 2.0)
    sinatra-contrib (2.0.0)
      backports (>= 2.0)
      multi_json
      mustermann (~> 1.0)
      rack-protection (= 2.0.0)
      sinatra (= 2.0.0)
      tilt (>= 1.3, < 3)
    sinatra-cross_origin (0.4.0)
    sinatra-namespace (1.0)
      sinatra-contrib
    sinatra-subdomain (0.3.0)
      sinatra
    test-unit (3.2.5)
      power_assert
    thor (0.19.4)
    tilt (2.0.7)
    url (0.3.2)

PLATFORMS
  ruby

DEPENDENCIES
  codecov
  foreman
  json
  mongo (~> 2.4)
  puma (= 3.4.0)
  rack-test
  rake
  sinatra
  sinatra-cross_origin
  sinatra-namespace
  sinatra-subdomain
  test-unit

BUNDLED WITH
   1.15.3
